GEM
  remote: https://rubygems.org/
  specs:
    asciidoctor (1.5.8)
    posix-spawn (0.3.12)
    pygments.rb (0.6.3)
      posix-spawn (~> 0.3.6)
      yajl-ruby (~> 1.2.0)
    yajl-ruby (1.2.1)

PLATFORMS
  ruby

DEPENDENCIES
  asciidoctor (= 1.5.8)
  pygments.rb

BUNDLED WITH
   1.11.2
